NUGET
  remote: https://www.nuget.org/api/v2
  specs:
    Dynamitey (1.0.2)
    FSharp.Core (4.0.0.1)
    FSharp.Interop.Dynamic (3.0)
      Dynamitey (>= 1.0.2)
      FSharp.Core (>= 3.1.2.1)

GROUP Build
NUGET
  remote: https://www.nuget.org/api/v2
  specs:
    FAKE (4.27)
    FSharp.Compiler.Service (2.0.0.6)
    FSharp.Formatting (2.14.3)
      FSharp.Compiler.Service (2.0.0.6)
      FSharpVSPowerTools.Core (>= 2.3 < 2.4)
    FSharpVSPowerTools.Core (2.3)
      FSharp.Compiler.Service (>= 2.0.0.3)
    sharpcompress (0.11.6)

GROUP Test
NUGET
  remote: https://www.nuget.org/api/v2
  specs:
    FsCheck (2.4)
      FSharp.Core (>= 3.1.2.5)
    FSharp.Core (4.0.0.1)
    Moq (4.5.3)
    NUnit (3.2.1)
    NUnit.ConsoleRunner (3.2.1)
    NUnit.Extension.NUnitProjectLoader (3.2.1)
    NUnit.Extension.NUnitV2Driver (3.2.1)
    NUnit.Extension.NUnitV2ResultWriter (3.2.1)
    NUnit.Extension.VSProjectLoader (3.2.1)
    NUnit.Runners (3.2.1)
      NUnit.ConsoleRunner (3.2.1)
      NUnit.Extension.NUnitProjectLoader (3.2.1)
      NUnit.Extension.NUnitV2Driver (3.2.1)
      NUnit.Extension.NUnitV2ResultWriter (3.2.1)
      NUnit.Extension.VSProjectLoader (3.2.1)
GITHUB
  remote: forki/FsUnit
  specs:
    FsUnit.fs (f536bd5ed0eba8b38d2b01ae79d64e4e14fbd0a6)